PATH
  remote: .
  specs:
    sayagain (0.1.0)

GEM
  remote: https://rubygems.org/
  specs:
    diff-lcs (1.4.4)
    dotenv (2.7.6)
    dry-cli (0.7.0)
    easy_translate (0.5.1)
      thread
      thread_safe
    mini_portile2 (2.6.1)
    nokogiri (1.12.5)
      mini_portile2 (~> 2.6.1)
      racc (~> 1.4)
    racc (1.6.0)
    rake (12.3.3)
    rspec (3.10.0)
      rspec-core (~> 3.10.0)
      rspec-expectations (~> 3.10.0)
      rspec-mocks (~> 3.10.0)
    rspec-core (3.10.1)
      rspec-support (~> 3.10.0)
    rspec-expectations (3.10.1)
      diff-lcs (>= 1.2.0, < 2.0)
      rspec-support (~> 3.10.0)
    rspec-mocks (3.10.2)
      diff-lcs (>= 1.2.0, < 2.0)
      rspec-support (~> 3.10.0)
    rspec-support (3.10.3)
    thread (0.2.2)
    thread_safe (0.3.6)

PLATFORMS
  ruby

DEPENDENCIES
  dotenv
  dry-cli
  easy_translate
  nokogiri
  rake (~> 12.0)
  rspec (~> 3.0)
  sayagain!

BUNDLED WITH
   2.1.4
